GIT
  remote: git://github.com/guard/guard-nanoc.git
  revision: 7a44c90333a4077c63a710bbf36216299929d27d
  specs:
    guard-nanoc (2.0.0b1)
      guard (~> 2.8)
      guard-compat (~> 1.0)
      nanoc (~> 4.0.0b4)

GIT
  remote: git://github.com/nanoc/nanoc.git
  revision: 1191fedfe0b775553082e24acb17358747023d6d
  branch: release-4.0.x
  specs:
    nanoc (4.0.0rc2)
      cri (~> 2.3)

GEM
  remote: https://rubygems.org/
  specs:
    adsf (1.2.0)
      rack (>= 1.0.0)
    builder (3.2.2)
    coderay (1.1.0)
    colored (1.2)
    cri (2.7.0)
      colored (~> 1.2)
    ffi (1.9.10)
    formatador (0.2.5)
    guard (2.13.0)
      formatador (>= 0.2.4)
      listen (>= 2.7, <= 4.0)
      lumberjack (~> 1.0)
      nenv (~> 0.1)
      notiffany (~> 0.0)
      pry (>= 0.9.12)
      shellany (~> 0.0)
      thor (>= 0.18.1)
    guard-compat (1.2.1)
    kramdown (1.8.0)
    listen (3.0.3)
      rb-fsevent (>= 0.9.3)
      rb-inotify (>= 0.9)
    lumberjack (1.0.9)
    method_source (0.8.2)
    mini_portile (0.6.2)
    nenv (0.2.0)
    nokogiri (1.6.6.2)
      mini_portile (~> 0.6.0)
    notiffany (0.0.7)
      nenv (~> 0.1)
      shellany (~> 0.0)
    pry (0.10.1)
      coderay (~> 1.1.0)
      method_source (~> 0.8.1)
      slop (~> 3.4)
    rack (1.6.4)
    rb-fsevent (0.9.6)
    rb-inotify (0.9.5)
      ffi (>= 0.5.0)
    shellany (0.0.1)
    slop (3.6.0)
    thor (0.19.1)

PLATFORMS
  ruby

DEPENDENCIES
  adsf
  builder
  guard-nanoc!
  kramdown
  nanoc!
  nokogiri

BUNDLED WITH
   1.10.6
